GIT
  remote: git://github.com/gillesmathurin/forem.git
  revision: a1341722d00f0a0835c0d2b0ba2fe5bf455b5061
  specs:
    forem (1.0.0.beta1)
      cancan (= 1.6.7)
      forem-redcarpet (= 1.0.0)
      friendly_id (~> 4.0)
      rails (~> 3.1)
      simple_form
      workflow (= 0.8.0)

GIT
  remote: git://github.com/thoughtbot/paperclip.git
  revision: 62264c65f8b327b8078151e2d4cd589c845a1b5a
  specs:
    paperclip (3.4.1)
      activemodel (>= 3.0.0)
      activerecord (>= 3.0.0)
      activesupport (>= 3.0.0)
      cocaine (~> 0.5.0)
      mime-types

GEM
  remote: https://rubygems.org/
  specs:
    actionmailer (3.2.12)
      actionpack (= 3.2.12)
      mail (~> 2.4.4)
    actionpack (3.2.12)
      activemodel (= 3.2.12)
      activesupport (= 3.2.12)
      builder (~> 3.0.0)
      erubis (~> 2.7.0)
      journey (~> 1.0.4)
      rack (~> 1.4.5)
      rack-cache (~> 1.2)
      rack-test (~> 0.6.1)
      sprockets (~> 2.2.1)
    activemodel (3.2.12)
      activesupport (= 3.2.12)
      builder (~> 3.0.0)
    activerecord (3.2.12)
      activemodel (= 3.2.12)
      activesupport (= 3.2.12)
      arel (~> 3.0.2)
      tzinfo (~> 0.3.29)
    activeresource (3.2.12)
      activemodel (= 3.2.12)
      activesupport (= 3.2.12)
    activesupport (3.2.12)
      i18n (~> 0.6)
      multi_json (~> 1.0)
    addressable (2.3.3)
    arel (3.0.2)
    authlogic (3.2.0)
      activerecord (>= 3.0.0)
      activesupport (>= 3.0.0)
    blankslate (3.1.2)
    builder (3.0.4)
    cancan (1.6.7)
    capistrano (2.14.2)
      highline
      net-scp (>= 1.0.0)
      net-sftp (>= 2.0.0)
      net-ssh (>= 2.0.14)
      net-ssh-gateway (>= 1.1.0)
    capybara (2.0.2)
      mime-types (>= 1.16)
      nokogiri (>= 1.3.3)
      rack (>= 1.0.0)
      rack-test (>= 0.5.4)
      selenium-webdriver (~> 2.0)
      xpath (~> 1.0.0)
    childprocess (0.3.8)
      ffi (~> 1.0, >= 1.0.11)
    climate_control (0.0.3)
      activesupport (>= 3.0)
    cocaine (0.5.1)
      climate_control (>= 0.0.3, < 1.0)
    coderay (1.0.9)
    coffee-rails (3.2.2)
      coffee-script (>= 2.2.0)
      railties (~> 3.2.0)
    coffee-script (2.2.0)
      coffee-script-source
      execjs
    coffee-script-source (1.5.0)
    columnize (0.3.6)
    cucumber (1.2.1)
      builder (>= 2.1.2)
      diff-lcs (>= 1.1.3)
      gherkin (~> 2.11.0)
      json (>= 1.4.6)
    cucumber-rails (1.3.0)
      capybara (>= 1.1.2)
      cucumber (>= 1.1.8)
      nokogiri (>= 1.5.0)
    daemon_controller (1.1.1)
    daemons (1.1.9)
    database_cleaner (0.9.1)
    debugger (1.3.3)
      columnize (>= 0.3.1)
      debugger-linecache (~> 1.1.1)
      debugger-ruby_core_source (~> 1.2.0)
    debugger-linecache (1.1.2)
      debugger-ruby_core_source (>= 1.1.1)
    debugger-ruby_core_source (1.2.0)
    delayed_job (3.0.5)
      activesupport (~> 3.0)
    delayed_job_active_record (0.4.2)
      activerecord (>= 2.1.0, < 4)
      delayed_job (~> 3.0)
    diff-lcs (1.2.1)
    email_spec (1.4.0)
      launchy (~> 2.1)
      mail (~> 2.2)
    erubis (2.7.0)
    execjs (1.4.0)
      multi_json (~> 1.0)
    factory_girl (3.6.2)
      activesupport (>= 3.0.0)
    factory_girl_rails (3.6.0)
      factory_girl (~> 3.6.0)
      railties (>= 3.0.0)
    fakeweb (1.3.0)
    fastthread (1.0.7)
    ffi (1.0.11)
    forem-redcarpet (1.0.0)
      pygments.rb (= 0.2.4)
      redcarpet (= 2.0.1)
    friendly_id (4.0.9)
    gherkin (2.11.6)
      json (>= 1.7.6)
    growl (1.0.3)
    guard (1.6.2)
      listen (>= 0.6.0)
      lumberjack (>= 1.0.2)
      pry (>= 0.9.10)
      terminal-table (>= 1.4.3)
      thor (>= 0.14.6)
    guard-rspec (2.4.1)
      guard (>= 1.1)
      rspec (~> 2.11)
    guard-spork (1.4.2)
      childprocess (>= 0.2.3)
      guard (>= 1.1)
      spork (>= 0.8.4)
    highline (1.6.15)
    hike (1.2.1)
    i18n (0.6.2)
    journey (1.0.4)
    jquery-rails (2.2.1)
      railties (>= 3.0, < 5.0)
      thor (>= 0.14, < 2.0)
    json (1.7.7)
    launchy (2.2.0)
      addressable (~> 2.3)
    libv8 (3.11.8.13)
    listen (0.7.3)
    lumberjack (1.0.2)
    mail (2.4.4)
      i18n (>= 0.4.0)
      mime-types (~> 1.16)
      treetop (~> 1.4.8)
    method_source (0.8.1)
    mime-types (1.21)
    multi_json (1.6.1)
    mysql2 (0.3.11)
    net-scp (1.1.0)
      net-ssh (>= 2.6.5)
    net-sftp (2.1.1)
      net-ssh (>= 2.6.5)
    net-ssh (2.6.5)
    net-ssh-gateway (1.2.0)
      net-ssh (>= 2.6.5)
    nokogiri (1.5.6)
    passenger (3.0.19)
      daemon_controller (>= 1.0.0)
      fastthread (>= 1.0.1)
      rack
      rake (>= 0.8.1)
    polyglot (0.3.3)
    pry (0.9.12)
      coderay (~> 1.0.5)
      method_source (~> 0.8)
      slop (~> 3.4)
    pygments.rb (0.2.4)
      rubypython (~> 0.5.3)
    rack (1.4.5)
    rack-cache (1.2)
      rack (>= 0.4)
    rack-ssl (1.3.3)
      rack
    rack-test (0.6.2)
      rack (>= 1.0)
    rails (3.2.12)
      actionmailer (= 3.2.12)
      actionpack (= 3.2.12)
      activerecord (= 3.2.12)
      activeresource (= 3.2.12)
      activesupport (= 3.2.12)
      bundler (~> 1.0)
      railties (= 3.2.12)
    railties (3.2.12)
      actionpack (= 3.2.12)
      activesupport (= 3.2.12)
      rack-ssl (~> 1.3.2)
      rake (>= 0.8.7)
      rdoc (~> 3.4)
      thor (>= 0.14.6, < 2.0)
    rake (0.9.2.2)
    rb-fsevent (0.9.3)
    rdoc (3.12.2)
      json (~> 1.4)
    redcarpet (2.0.1)
    ref (1.0.2)
    rspec (2.13.0)
      rspec-core (~> 2.13.0)
      rspec-expectations (~> 2.13.0)
      rspec-mocks (~> 2.13.0)
    rspec-core (2.13.0)
    rspec-expectations (2.13.0)
      diff-lcs (>= 1.1.3, < 2.0)
    rspec-mocks (2.13.0)
    rspec-rails (2.13.0)
      actionpack (>= 3.0)
      activesupport (>= 3.0)
      railties (>= 3.0)
      rspec-core (~> 2.13.0)
      rspec-expectations (~> 2.13.0)
      rspec-mocks (~> 2.13.0)
    rubypython (0.5.3)
      blankslate (>= 2.1.2.3)
      ffi (~> 1.0.7)
    rubyzip (0.9.9)
    rvm-capistrano (1.2.7)
      capistrano (>= 2.0.0)
    sass (3.2.6)
    sass-rails (3.2.6)
      railties (~> 3.2.0)
      sass (>= 3.1.10)
      tilt (~> 1.3)
    selenium-webdriver (2.30.0)
      childprocess (>= 0.2.5)
      multi_json (~> 1.0)
      rubyzip
      websocket (~> 1.0.4)
    simple_form (2.1.0)
      actionpack (~> 3.0)
      activemodel (~> 3.0)
    slop (3.4.3)
    spork (0.9.2)
    sprockets (2.2.2)
      hike (~> 1.2)
      multi_json (~> 1.0)
      rack (~> 1.0)
      tilt (~> 1.1, != 1.3.0)
    terminal-table (1.4.5)
    therubyracer (0.11.4)
      libv8 (~> 3.11.8.12)
      ref
    thor (0.17.0)
    tilt (1.3.3)
    tinymce-rails (3.5.8)
      railties (>= 3.1.1)
    tinymce-rails-langs (0.1)
      tinymce-rails (>= 3.4.9)
    treetop (1.4.12)
      polyglot
      polyglot (>= 0.3.1)
    tzinfo (0.3.35)
    uglifier (1.3.0)
      execjs (>= 0.3.0)
      multi_json (~> 1.0, >= 1.0.2)
    websocket (1.0.7)
    will_paginate (3.0.4)
    workflow (0.8.0)
    xpath (1.0.0)
      nokogiri (~> 1.3)

PLATFORMS
  ruby

DEPENDENCIES
  authlogic
  cancan (= 1.6.7)
  capistrano
  capybara
  coffee-rails (~> 3.2.1)
  cucumber-rails
  daemons
  database_cleaner
  debugger
  delayed_job_active_record
  email_spec
  execjs
  factory_girl_rails (~> 3.0)
  fakeweb
  forem!
  growl
  guard-rspec
  guard-spork
  jquery-rails
  mysql2
  paperclip!
  passenger
  rails (= 3.2.12)
  rake (= 0.9.2.2)
  rb-fsevent
  rspec-rails
  rvm-capistrano
  sass-rails (~> 3.2.3)
  spork
  therubyracer
  tinymce-rails
  tinymce-rails-langs
  uglifier (>= 1.0.3)
  will_paginate
